GIT
  remote: git://github.com/ruby-rdf/rdf-spec.git
  revision: e078a37d69ca75566442cf2e08c79f851435a05b
  branch: develop
  specs:
    rdf-spec (1.1.0)
      rspec (>= 2.14)

GIT
  remote: git://github.com/ruby-rdf/rdf.git
  revision: dad3787c735ca1692498bc25db6e2858dc5287b0
  branch: develop
  specs:
    rdf (1.1.0)

PATH
  remote: .
  specs:
    rdf-sesame (1.1)
      addressable (~> 2.3)
      json_pure (~> 1.8)
      rdf (~> 1.1)

GEM
  remote: https://rubygems.org/
  specs:
    addressable (2.3.5)
    diff-lcs (1.2.4)
    dotenv (1.0.2)
    json_pure (1.8.1)
    rake (10.1.0)
    rspec (2.14.1)
      rspec-core (~> 2.14.0)
      rspec-expectations (~> 2.14.0)
      rspec-mocks (~> 2.14.0)
    rspec-core (2.14.2)
    rspec-expectations (2.14.0)
      diff-lcs (>= 1.1.3, < 2.0)
    rspec-mocks (2.14.1)
    yard (0.8.6.2)

PLATFORMS
  ruby

DEPENDENCIES
  dotenv
  rake
  rdf!
  rdf-sesame!
  rdf-spec!
  rspec (~> 2)
  yard (~> 0.8)
